GEM
  remote: http://rubygems.org/
  specs:
    addressable (2.2.6)
    albino (1.3.3)
      posix-spawn (>= 0.3.6)
    classifier (1.3.3)
      fast-stemmer (>= 1.0.0)
    daemons (1.1.4)
    directory_watcher (1.4.0)
    eventmachine (0.12.10)
    fast-stemmer (1.0.0)
    foreman (0.19.0)
      term-ansicolor (~> 1.0.5)
      thor (>= 0.13.6)
    heroku (2.4.0)
      launchy (>= 0.3.2)
      rest-client (~> 1.6.1)
      term-ansicolor (~> 1.0.5)
    highline (1.6.1)
    jekyll (0.11.0)
      albino (>= 1.3.2)
      classifier (>= 1.3.1)
      directory_watcher (>= 1.1.1)
      kramdown (>= 0.13.2)
      liquid (>= 1.9.0)
      maruku (>= 0.5.9)
    json (1.5.3)
    json_pure (1.5.3)
    kramdown (0.13.3)
    launchy (2.0.5)
      addressable (~> 2.2.6)
    liquid (2.2.2)
    maruku (0.6.0)
      syntax (>= 1.0.0)
    mime-types (1.16)
    net-ssh (2.1.4)
    posix-spawn (0.3.6)
    rack (1.3.2)
    rest-client (1.6.1)
      mime-types (>= 1.16)
    showoff-io (0.3.1)
      highline (>= 1.6.1)
      json_pure
      net-ssh (>= 2.1.0)
      rest-client (= 1.6.1)
    sinatra (1.2.6)
      rack (~> 1.1)
      tilt (>= 1.2.2, < 2.0)
    syntax (1.0.0)
    term-ansicolor (1.0.6)
    thin (1.2.11)
      daemons (>= 1.0.9)
      eventmachine (>= 0.12.6)
      rack (>= 1.0.0)
    thor (0.14.6)
    tilt (1.3.2)

PLATFORMS
  ruby

DEPENDENCIES
  foreman
  heroku
  jekyll
  json
  showoff-io
  sinatra
  thin
